GEM
  remote: https://rubygems.org/
  specs:
    builder (3.2.3)
    faraday (0.15.4)
      multipart-post (>= 1.2, < 3)
    honeybadger (4.1.0)
    jwt (2.1.0)
    mini_portile2 (2.3.0)
    multipart-post (2.0.0)
    mustermann (1.0.3)
    nokogiri (1.8.5)
      mini_portile2 (~> 2.3.0)
    power_assert (1.1.3)
    puma (3.12.0)
    rack (2.0.6)
    rack-protection (2.0.4)
      rack
    rack-ssl-enforcer (0.2.9)
    rack-test (1.1.0)
      rack (>= 1.0, < 3)
    ruby_http_client (3.3.0)
    sendgrid-ruby (5.3.0)
      ruby_http_client (~> 3.3.0)
      sinatra (>= 1.4.7, < 3)
    sinatra (2.0.4)
      mustermann (~> 1.0)
      rack (~> 2.0)
      rack-protection (= 2.0.4)
      tilt (~> 2.0)
    test-unit (3.2.8)
      power_assert
    tilt (2.0.9)
    twilio-ruby (5.16.0)
      faraday (~> 0.9)
      jwt (>= 1.5, <= 2.5)
      nokogiri (>= 1.6, < 2.0)

PLATFORMS
  ruby

DEPENDENCIES
  builder
  honeybadger
  puma
  rack-ssl-enforcer
  rack-test
  sendgrid-ruby
  sinatra
  test-unit
  twilio-ruby

RUBY VERSION
   ruby 2.5.3p105

BUNDLED WITH
   1.17.1
