GEM
  remote: https://rubygems.org/
  specs:
    builder (3.2.2)
    excon (0.41.0)
    honeybadger (1.16.6)
      json
    json (1.8.1)
    jwt (1.0.0)
    mandrill-api (1.0.53)
      excon (>= 0.16.0, < 1.0)
      json (>= 1.7.7, < 2.0)
    multi_json (1.10.1)
    puma (2.10.2)
      rack (>= 1.1, < 2.0)
    rack (1.5.2)
    rack-protection (1.5.3)
      rack
    rack-ssl-enforcer (0.2.8)
    sinatra (1.4.5)
      rack (~> 1.4)
      rack-protection (~> 1.4)
      tilt (~> 1.3, >= 1.3.4)
    tilt (1.4.1)
    twilio-ruby (3.14.2)
      builder (>= 2.1.2)
      jwt (~> 1.0.0)
      multi_json (>= 1.3.0)

PLATFORMS
  ruby

DEPENDENCIES
  builder
  honeybadger
  mandrill-api
  puma
  rack-ssl-enforcer
  sinatra
  twilio-ruby
