GEM
  remote: https://rubygems.org/
  specs:
    builder (3.2.2)
    excon (0.49.0)
    honeybadger (2.6.0)
    json (1.8.3)
    jwt (1.5.4)
    mandrill-api (1.0.53)
      excon (>= 0.16.0, < 1.0)
      json (>= 1.7.7, < 2.0)
    multi_json (1.11.3)
    puma (3.4.0)
    rack (1.6.4)
    rack-protection (1.5.3)
      rack
    rack-ssl-enforcer (0.2.9)
    sinatra (1.4.7)
      rack (~> 1.5)
      rack-protection (~> 1.4)
      tilt (>= 1.3, < 3)
    tilt (2.0.2)
    twilio-ruby (4.11.1)
      builder (>= 2.1.2)
      jwt (~> 1.0)
      multi_json (>= 1.3.0)

PLATFORMS
  ruby

DEPENDENCIES
  builder
  honeybadger
  mandrill-api
  puma
  rack-ssl-enforcer
  sinatra
  twilio-ruby

BUNDLED WITH
   1.11.2
