GEM
  remote: https://rubygems.org/
  specs:
    builder (3.2.3)
    faraday (0.14.0)
      multipart-post (>= 1.2, < 3)
    honeybadger (3.3.0)
    jwt (2.1.0)
    mini_portile2 (2.3.0)
    multipart-post (2.0.0)
    mustermann (1.0.2)
    nokogiri (1.8.2)
      mini_portile2 (~> 2.3.0)
    power_assert (1.1.1)
    puma (3.11.3)
    rack (2.0.4)
    rack-protection (2.0.1)
      rack
    rack-ssl-enforcer (0.2.9)
    rack-test (0.8.3)
      rack (>= 1.0, < 3)
    ruby_http_client (3.3.0)
    sendgrid-ruby (5.2.0)
      ruby_http_client (~> 3.2)
      sinatra (>= 1.4.7, < 3)
    sinatra (2.0.1)
      mustermann (~> 1.0)
      rack (~> 2.0)
      rack-protection (= 2.0.1)
      tilt (~> 2.0)
    test-unit (3.2.7)
      power_assert
    tilt (2.0.8)
    twilio-ruby (5.7.0)
      faraday (~> 0.9)
      jwt (>= 1.5, <= 2.5)
      nokogiri (>= 1.6, < 2.0)

PLATFORMS
  ruby

DEPENDENCIES
  builder
  honeybadger
  puma
  rack-ssl-enforcer
  rack-test
  sendgrid-ruby
  sinatra
  test-unit
  twilio-ruby

RUBY VERSION
   ruby 2.5.0p0

BUNDLED WITH
   1.16.1
