GEM
  remote: https://rubygems.org/
  specs:
    builder (3.2.2)
    faraday (0.9.2)
      multipart-post (>= 1.2, < 3)
    honeybadger (2.6.0)
    jwt (1.5.4)
    mimemagic (0.3.1)
    multi_json (1.11.3)
    multipart-post (2.0.0)
    puma (3.4.0)
    rack (1.6.4)
    rack-protection (1.5.3)
      rack
    rack-ssl-enforcer (0.2.9)
    sendgrid-ruby (1.1.6)
      faraday (~> 0.9)
      mimemagic
      smtpapi (~> 0.1)
    sinatra (1.4.7)
      rack (~> 1.5)
      rack-protection (~> 1.4)
      tilt (>= 1.3, < 3)
    smtpapi (0.1.0)
    tilt (2.0.2)
    twilio-ruby (4.11.1)
      builder (>= 2.1.2)
      jwt (~> 1.0)
      multi_json (>= 1.3.0)

PLATFORMS
  ruby

DEPENDENCIES
  builder
  honeybadger
  puma
  rack-ssl-enforcer
  sendgrid-ruby
  sinatra
  twilio-ruby

BUNDLED WITH
   1.11.2
