GEM
  remote: https://rubygems.org/
  specs:
    ast (2.4.0)
    builder (3.2.3)
    faraday (0.15.4)
      multipart-post (>= 1.2, < 3)
    honeybadger (4.1.0)
    jaro_winkler (1.5.1)
    jwt (2.1.0)
    mini_portile2 (2.3.0)
    multipart-post (2.0.0)
    mustermann (1.0.3)
    nokogiri (1.8.5)
      mini_portile2 (~> 2.3.0)
    parallel (1.12.1)
    parser (2.5.3.0)
      ast (~> 2.4.0)
    power_assert (1.1.3)
    powerpack (0.1.2)
    puma (3.12.0)
    rack (2.0.6)
    rack-protection (2.0.4)
      rack
    rack-ssl-enforcer (0.2.9)
    rack-test (1.1.0)
      rack (>= 1.0, < 3)
    rainbow (3.0.0)
    rubocop (0.60.0)
      jaro_winkler (~> 1.5.1)
      parallel (~> 1.10)
      parser (>= 2.5, != 2.5.1.1)
      powerpack (~> 0.1)
      rainbow (>= 2.2.2, < 4.0)
      ruby-progressbar (~> 1.7)
      unicode-display_width (~> 1.4.0)
    ruby-progressbar (1.10.0)
    ruby_http_client (3.3.0)
    sendgrid-ruby (5.3.0)
      ruby_http_client (~> 3.3.0)
      sinatra (>= 1.4.7, < 3)
    sinatra (2.0.4)
      mustermann (~> 1.0)
      rack (~> 2.0)
      rack-protection (= 2.0.4)
      tilt (~> 2.0)
    standard (0.0.13)
      rubocop (>= 0.60)
    test-unit (3.2.8)
      power_assert
    tilt (2.0.9)
    twilio-ruby (5.16.0)
      faraday (~> 0.9)
      jwt (>= 1.5, <= 2.5)
      nokogiri (>= 1.6, < 2.0)
    unicode-display_width (1.4.0)

PLATFORMS
  ruby

DEPENDENCIES
  builder
  honeybadger
  puma
  rack-ssl-enforcer
  rack-test
  sendgrid-ruby
  sinatra
  standard
  test-unit
  twilio-ruby

RUBY VERSION
   ruby 2.5.3p105

BUNDLED WITH
   1.17.1
